GEM
  remote: https://rubygems.org/
  specs:
    actionmailer (4.1.1)
      actionpack (= 4.1.1)
      actionview (= 4.1.1)
      mail (~> 2.5.4)
    actionpack (4.1.1)
      actionview (= 4.1.1)
      activesupport (= 4.1.1)
      rack (~> 1.5.2)
      rack-test (~> 0.6.2)
    actionview (4.1.1)
      activesupport (= 4.1.1)
      builder (~> 3.1)
      erubis (~> 2.7.0)
    activemodel (4.1.1)
      activesupport (= 4.1.1)
      builder (~> 3.1)
    activerecord (4.1.1)
      activemodel (= 4.1.1)
      activesupport (= 4.1.1)
      arel (~> 5.0.0)
    activesupport (4.1.1)
      i18n (~> 0.6, >= 0.6.9)
      json (~> 1.7, >= 1.7.7)
      minitest (~> 5.1)
      thread_safe (~> 0.1)
      tzinfo (~> 1.1)
    arel (5.0.1.20140414130214)
    ast (2.0.0)
    astrolabe (1.3.0)
      parser (>= 2.2.0.pre.3, < 3.0)
    awesome_print (1.2.0)
    better_errors (2.0.0)
      coderay (>= 1.0.0)
      erubis (>= 2.6.6)
      rack (>= 0.9.0)
    binding_of_caller (0.7.2)
      debug_inspector (>= 0.0.1)
    bootstrap-sass (3.2.0.2)
      sass (~> 3.2)
    brakeman (2.0.0)
      erubis (~> 2.6)
      fastercsv (~> 1.5)
      haml (>= 3.0, < 5.0)
      highline (~> 1.6.19)
      multi_json (~> 1.2)
      ruby2ruby (~> 2.0.5)
      ruby_parser (~> 3.1.1)
      sass (~> 3.0)
      slim (~> 1.3.6)
      terminal-table (~> 1.4)
    builder (3.2.2)
    code_analyzer (0.4.5)
      sexp_processor
    coderay (1.1.0)
    coffee-rails (4.0.1)
      coffee-script (>= 2.2.0)
      railties (>= 4.0.0, < 5.0)
    coffee-script (2.3.0)
      coffee-script-source
      execjs
    coffee-script-source (1.8.0)
    colored (1.2)
    debug_inspector (0.0.2)
    diff-lcs (1.2.5)
    erb2haml (0.1.5)
      html2haml
    erubis (2.7.0)
    execjs (2.2.1)
    factory_girl (4.4.0)
      activesupport (>= 3.0.0)
    factory_girl_rails (4.4.1)
      factory_girl (~> 4.4.0)
      railties (>= 3.0.0)
    fastercsv (1.5.5)
    font-awesome-sass (4.2.0)
      sass (~> 3.2)
    haml (4.1.0.beta.1)
      tilt
    haml-rails (0.5.3)
      actionpack (>= 4.0.1)
      activesupport (>= 4.0.1)
      haml (>= 3.1, < 5.0)
      railties (>= 4.0.1)
    highline (1.6.21)
    hike (1.2.3)
    hpricot (0.8.6)
    html2haml (1.0.1)
      erubis (~> 2.7.0)
      haml (>= 4.0.0.rc.1)
      hpricot (~> 0.8.6)
      ruby_parser (~> 3.1.1)
    i18n (0.6.11)
    jbuilder (2.1.3)
      activesupport (>= 3.0.0, < 5)
      multi_json (~> 1.2)
    jquery-rails (3.1.2)
      railties (>= 3.0, < 5.0)
      thor (>= 0.14, < 2.0)
    json (1.8.1)
    knockoutjs-rails (3.2.0)
      railties (>= 3.1, < 5)
    mail (2.5.4)
      mime-types (~> 1.16)
      treetop (~> 1.4.8)
    method_source (0.8.2)
    mime-types (1.25.1)
    minitest (5.4.2)
    multi_json (1.10.1)
    parser (2.2.0.pre.4)
      ast (>= 1.1, < 3.0)
      slop (~> 3.4, >= 3.4.5)
    polyglot (0.3.5)
    powerpack (0.0.9)
    pry (0.10.1)
      coderay (~> 1.1.0)
      method_source (~> 0.8.1)
      slop (~> 3.4)
    pry-rails (0.3.2)
      pry (>= 0.9.10)
    rack (1.5.2)
    rack-test (0.6.2)
      rack (>= 1.0)
    rails (4.1.1)
      actionmailer (= 4.1.1)
      actionpack (= 4.1.1)
      actionview (= 4.1.1)
      activemodel (= 4.1.1)
      activerecord (= 4.1.1)
      activesupport (= 4.1.1)
      bundler (>= 1.3.0, < 2.0)
      railties (= 4.1.1)
      sprockets-rails (~> 2.0)
    rails_best_practices (1.15.4)
      activesupport
      awesome_print
      code_analyzer (>= 0.4.3)
      colored
      erubis
      i18n
      json
      require_all
      ruby-progressbar
    railties (4.1.1)
      actionpack (= 4.1.1)
      activesupport (= 4.1.1)
      rake (>= 0.8.7)
      thor (>= 0.18.1, < 2.0)
    rainbow (2.0.0)
    rake (10.3.2)
    rdoc (4.1.2)
      json (~> 1.4)
    require_all (1.3.2)
    rspec (3.1.0)
      rspec-core (~> 3.1.0)
      rspec-expectations (~> 3.1.0)
      rspec-mocks (~> 3.1.0)
    rspec-core (3.1.5)
      rspec-support (~> 3.1.0)
    rspec-expectations (3.1.2)
      diff-lcs (>= 1.2.0, < 2.0)
      rspec-support (~> 3.1.0)
    rspec-mocks (3.1.2)
      rspec-support (~> 3.1.0)
    rspec-rails (3.1.0)
      actionpack (>= 3.0)
      activesupport (>= 3.0)
      railties (>= 3.0)
      rspec-core (~> 3.1.0)
      rspec-expectations (~> 3.1.0)
      rspec-mocks (~> 3.1.0)
      rspec-support (~> 3.1.0)
    rspec-support (3.1.1)
    rubocop (0.26.1)
      astrolabe (~> 1.3)
      parser (>= 2.2.0.pre.4, < 3.0)
      powerpack (~> 0.0.6)
      rainbow (>= 1.99.1, < 3.0)
      ruby-progressbar (~> 1.4)
    rubocop-checkstyle_formatter (0.1.1)
      rubocop (>= 0.14.0)
    ruby-progressbar (1.6.0)
    ruby2ruby (2.0.8)
      ruby_parser (~> 3.1)
      sexp_processor (~> 4.0)
    ruby_parser (3.1.3)
      sexp_processor (~> 4.1)
    sass (3.2.19)
    sass-rails (4.0.3)
      railties (>= 4.0.0, < 5.0)
      sass (~> 3.2.0)
      sprockets (~> 2.8, <= 2.11.0)
      sprockets-rails (~> 2.0)
    sdoc (0.4.1)
      json (~> 1.7, >= 1.7.7)
      rdoc (~> 4.0)
    sexp_processor (4.4.4)
    slim (1.3.9)
      temple (~> 0.6.3)
      tilt (~> 1.3, >= 1.3.3)
    slop (3.6.0)
    spring (1.1.3)
    sprockets (2.11.0)
      hike (~> 1.2)
      multi_json (~> 1.0)
      rack (~> 1.0)
      tilt (~> 1.1, != 1.3.0)
    sprockets-rails (2.1.4)
      actionpack (>= 3.0)
      activesupport (>= 3.0)
      sprockets (~> 2.8)
    sqlite3 (1.3.9)
    temple (0.6.8)
    terminal-table (1.4.5)
    thor (0.19.1)
    thread_safe (0.3.4)
    tilt (1.4.1)
    treetop (1.4.15)
      polyglot
      polyglot
      polyglot
      polyglot
      polyglot
      polyglot
      polyglot
      polyglot
      polyglot
      polyglot
      polyglot
      polyglot
      polyglot
      polyglot
      polyglot
      polyglot
      polyglot
      polyglot (>= 0.3.1)
      polyglot (>= 0.3.1)
      polyglot (>= 0.3.1)
      polyglot (>= 0.3.1)
      polyglot (>= 0.3.1)
      polyglot (>= 0.3.1)
      polyglot (>= 0.3.1)
      polyglot (>= 0.3.1)
      polyglot (>= 0.3.1)
      polyglot (>= 0.3.1)
      polyglot (>= 0.3.1)
      polyglot (>= 0.3.1)
      polyglot (>= 0.3.1)
      polyglot (>= 0.3.1)
      polyglot (>= 0.3.1)
      polyglot (>= 0.3.1)
      polyglot (>= 0.3.1)
      polyglot (>= 0.3.1)
      polyglot (>= 0.3.1)
      polyglot (>= 0.3.1)
      polyglot (>= 0.3.1)
      polyglot (>= 0.3.1)
      polyglot (>= 0.3.1)
      polyglot (>= 0.3.1)
      polyglot (>= 0.3.1)
      polyglot (>= 0.3.1)
      polyglot (>= 0.3.1)
      polyglot (>= 0.3.1)
      polyglot (>= 0.3.1)
      polyglot (>= 0.3.1)
      polyglot (>= 0.3.1)
      polyglot (>= 0.3.1)
      polyglot (>= 0.3.1)
      polyglot (>= 0.3.1)
      polyglot (>= 0.3.1)
      polyglot (>= 0.3.1)
      polyglot (>= 0.3.1)
      polyglot (>= 0.3.1)
      polyglot (>= 0.3.1)
      polyglot (>= 0.3.1)
      polyglot (>= 0.3.1)
      polyglot (>= 0.3.1)
      polyglot (>= 0.3.1)
      polyglot (>= 0.3.1)
      polyglot (>= 0.3.1)
      polyglot (>= 0.3.1)
      polyglot (>= 0.3.1)
      polyglot (>= 0.3.1)
      polyglot (>= 0.3.1)
      polyglot (>= 0.3.1)
      polyglot (>= 0.3.1)
      polyglot (>= 0.3.1)
      polyglot (>= 0.3.1)
      polyglot (>= 0.3.1)
      polyglot (>= 0.3.1)
      polyglot (>= 0.3.1)
      polyglot (>= 0.3.1)
      polyglot (>= 0.3.1)
      polyglot (>= 0.3.1)
      polyglot (>= 0.3.1)
      polyglot (>= 0.3.1)
      polyglot (>= 0.3.1)
      polyglot (>= 0.3.1)
      polyglot (>= 0.3.1)
      polyglot (>= 0.3.1)
      polyglot (>= 0.3.1)
      polyglot (>= 0.3.1)
      polyglot (>= 0.3.1)
      polyglot (>= 0.3.1)
      polyglot (>= 0.3.1)
      polyglot (>= 0.3.1)
      polyglot (>= 0.3.1)
      polyglot (>= 0.3.1)
      polyglot (>= 0.3.1)
      polyglot (>= 0.3.1)
      polyglot (>= 0.3.1)
      polyglot (>= 0.3.1)
    tzinfo (1.2.2)
      thread_safe (~> 0.1)
    uglifier (2.5.3)
      execjs (>= 0.3.0)
      json (>= 1.8.0)

PLATFORMS
  ruby

DEPENDENCIES
  better_errors
  binding_of_caller
  bootstrap-sass
  brakeman
  coffee-rails (~> 4.0.0)
  erb2haml
  factory_girl_rails
  font-awesome-sass
  haml-rails
  jbuilder (~> 2.0)
  jquery-rails
  knockoutjs-rails
  pry-rails
  rails (= 4.1.1)
  rails_best_practices
  rspec
  rspec-rails
  rubocop
  rubocop-checkstyle_formatter
  sass-rails (~> 4.0.3)
  sdoc (~> 0.4.0)
  spring
  sqlite3
  uglifier (>= 1.3.0)
